PATH
  remote: .
  specs:
    acts_as_archive (0.3.0)
      require (= 0.2.1)

GEM
  remote: https://rubygems.org/
  specs:
    require (0.2.1)

PLATFORMS
  ruby

DEPENDENCIES
  acts_as_archive!

BUNDLED WITH
   1.15.3
